GEM
  remote: https://rubygems.org/
  specs:
    ruby_coincheck_client (0.1.4)

PLATFORMS
  x64-mingw32

DEPENDENCIES
  ruby_coincheck_client

BUNDLED WITH
   1.14.6
